GIT
  remote: https://github.com/WebBlocks/WebBlocks.git
  revision: 2e871cbebef6fa72c1a4d54a61bd60fc7fe64f62
  specs:
    web_blocks (2.0.4.dev)
      compass
      execjs
      extend_method
      facets
      fork
      fssm
      ruby-bower
      sass-css-importer
      thor
      yui-compressor

GEM
  remote: https://rubygems.org/
  specs:
    chunky_png (1.3.0)
    compass (0.12.5)
      chunky_png (~> 1.2)
      fssm (>= 0.2.7)
      sass (~> 3.2.19)
    execjs (2.2.2)
    extend_method (1.0.0)
    facets (2.9.3)
    fork (1.0.1)
    fssm (0.2.10)
    ruby-bower (0.0.1)
      execjs
    sass (3.2.19)
    sass-css-importer (1.0.0.beta.0)
      sass (>= 3.1)
    thor (0.19.1)
    yui-compressor (0.12.0)

PLATFORMS
  ruby

DEPENDENCIES
  compass
  sass
  sass-css-importer
  web_blocks!
